GEM
  remote: https://rubygems.org/
  specs:
    amazon-pricing (0.1.109)
    byebug (10.0.1)
    coderay (1.1.2)
    hashie (3.5.7)
    method_source (0.9.0)
    pry (0.11.3)
      coderay (~> 1.1.0)
      method_source (~> 0.9.0)
    pry-byebug (3.6.0)
      byebug (~> 10.0)
      pry (~> 0.10)

PLATFORMS
  ruby

DEPENDENCIES
  amazon-pricing
  hashie (~> 3.5)
  pry-byebug

BUNDLED WITH
   1.16.1
