GEM
  remote: https://rubygems.org/
  specs:
    aruba (0.14.1)
      childprocess (~> 0.5.6)
      contracts (~> 0.9)
      cucumber (>= 1.3.19)
      ffi (~> 1.9.10)
      rspec-expectations (>= 2.99)
      thor (~> 0.19)
    aws-sdk-core (2.2.0)
      jmespath (~> 1.0)
    aws-sdk-resources (2.2.0)
      aws-sdk-core (= 2.2.0)
    blobstore_client (1.3202.0)
      aws-sdk-resources (= 2.2.0)
      bosh_common (~> 1.3202.0)
      httpclient (= 2.7.1)
      multi_json (~> 1.1)
    bosh-template (1.3202.0)
      semi_semantic (~> 1.1.0)
    bosh_cli (1.3202.0)
      blobstore_client (~> 1.3202.0)
      bosh-template (~> 1.3202.0)
      bosh_common (~> 1.3202.0)
      cf-uaa-lib (~> 3.2.1)
      highline (~> 1.6.2)
      httpclient (= 2.7.1)
      json_pure (~> 1.7)
      minitar (~> 0.5.4)
      net-scp (~> 1.1.0)
      net-ssh (= 2.9.2)
      net-ssh-gateway (~> 1.2.0)
      netaddr (~> 1.5.0)
      progressbar (~> 0.9.0)
      sshkey (~> 1.7.0)
      terminal-table (~> 1.4.3)
    bosh_common (1.3202.0)
      logging (~> 1.8.2)
      semi_semantic (~> 1.1.0)
    builder (3.2.2)
    cf-uaa-lib (3.2.5)
      multi_json
    childprocess (0.5.9)
      ffi (~> 1.0, >= 1.0.11)
    contracts (0.13.0)
    cucumber (2.3.3)
      builder (>= 2.1.2)
      cucumber-core (~> 1.4.0)
      cucumber-wire (~> 0.0.1)
      diff-lcs (>= 1.1.3)
      gherkin (~> 3.2.0)
      multi_json (>= 1.7.5, < 2.0)
      multi_test (>= 0.1.2)
    cucumber-core (1.4.0)
      gherkin (~> 3.2.0)
    cucumber-wire (0.0.1)
    diff-lcs (1.2.5)
    ffi (1.9.10)
    gherkin (3.2.0)
    highline (1.6.21)
    httpclient (2.7.1)
    jmespath (1.1.3)
    json_pure (1.8.3)
    little-plugger (1.1.4)
    logging (1.8.2)
      little-plugger (>= 1.1.3)
      multi_json (>= 1.8.4)
    minitar (0.5.4)
    multi_json (1.11.2)
    multi_test (0.1.2)
    net-scp (1.1.2)
      net-ssh (>= 2.6.5)
    net-ssh (2.9.2)
    net-ssh-gateway (1.2.0)
      net-ssh (>= 2.6.5)
    netaddr (1.5.1)
    progressbar (0.9.2)
    rspec (3.4.0)
      rspec-core (~> 3.4.0)
      rspec-expectations (~> 3.4.0)
      rspec-mocks (~> 3.4.0)
    rspec-core (3.4.1)
      rspec-support (~> 3.4.0)
    rspec-expectations (3.4.0)
      diff-lcs (>= 1.2.0, < 2.0)
      rspec-support (~> 3.4.0)
    rspec-mocks (3.4.0)
      diff-lcs (>= 1.2.0, < 2.0)
      rspec-support (~> 3.4.0)
    rspec-support (3.4.1)
    semi_semantic (1.1.0)
    sshkey (1.7.0)
    terminal-table (1.4.5)
    thor (0.19.1)

PLATFORMS
  ruby

DEPENDENCIES
  aruba
  bosh_cli
  rspec (~> 3.3)

BUNDLED WITH
   1.11.2
