GEM
  remote: https://rubygems.org/
  specs:
    backports (3.6.8)
    builder (3.2.3)
    coffee-script (2.2.0)
      coffee-script-source
      execjs
    coffee-script-source (1.10.0)
    crack (0.4.3)
      safe_yaml (~> 1.0.0)
    daemons (1.2.4)
    dogapi (1.23.0)
      multi_json
    domain_name (0.5.20170223)
      unf (>= 0.0.5, < 1.0.0)
    eventmachine (1.2.0.1)
    execjs (2.0.2)
    hike (1.2.3)
    http-cookie (1.0.3)
      domain_name (~> 0.5)
    libv8 (3.16.14.15)
    mime-types (3.1)
      mime-types-data (~> 3.2015)
    mime-types-data (3.2016.0521)
    mini_portile2 (2.1.0)
    multi_json (1.12.1)
    netrc (0.11.0)
    nokogiri (1.7.1)
      mini_portile2 (~> 2.1.0)
    nokogiri-happymapper (0.5.9)
      nokogiri (~> 1.5)
    pivotal-tracker (0.5.13)
      builder
      crack
      nokogiri (>= 1.5.5)
      nokogiri-happymapper (>= 0.5.4)
      rest-client (>= 1.8.0)
    rack (1.5.5)
    rack-protection (1.5.3)
      rack
    rack-test (0.6.3)
      rack (>= 1.0)
    ref (2.0.0)
    rest-client (2.0.1)
      http-cookie (>= 1.0.2, < 2.0)
      mime-types (>= 1.16, < 4.0)
      netrc (~> 0.8)
    rufus-scheduler (2.0.24)
      tzinfo (>= 0.3.22)
    safe_yaml (1.0.4)
    sass (3.2.19)
    sinatra (1.4.7)
      rack (~> 1.5)
      rack-protection (~> 1.4)
      tilt (>= 1.3, < 3)
    sinatra-contrib (1.4.7)
      backports (>= 2.0)
      multi_json
      rack-protection
      rack-test
      sinatra (~> 1.4.0)
      tilt (>= 1.3, < 3)
    smashing (1.0.0)
      coffee-script (~> 2.2.0)
      execjs (~> 2.0.2)
      rack (~> 1.5.4)
      rufus-scheduler (~> 2.0.24)
      sass (~> 3.2.12)
      sinatra (~> 1.4.4)
      sinatra-contrib (~> 1.4.2)
      sprockets (~> 2.10.1)
      thin (~> 1.6.1)
      thor (~> 0.19)
    sprockets (2.10.2)
      hike (~> 1.2)
      multi_json (~> 1.0)
      rack (~> 1.0)
      tilt (~> 1.1, != 1.3.0)
    therubyracer (0.12.2)
      libv8 (~> 3.16.14.0)
      ref
    thin (1.6.4)
      daemons (~> 1.0, >= 1.0.9)
      eventmachine (~> 1.0, >= 1.0.4)
      rack (~> 1.0)
    thor (0.19.1)
    thread_safe (0.3.5)
    tilt (1.4.1)
    tzinfo (1.2.2)
      thread_safe (~> 0.1)
    unf (0.1.4)
      unf_ext
    unf_ext (0.0.7.2)

PLATFORMS
  ruby

DEPENDENCIES
  dogapi
  pivotal-tracker
  smashing
  therubyracer

RUBY VERSION
   ruby 2.3.3p222

BUNDLED WITH
   1.14.6
