GEM
  remote: https://rubygems.org/
  specs:
    addressable (2.4.0)
    aruba (0.14.1)
      childprocess (~> 0.5.6)
      contracts (~> 0.9)
      cucumber (>= 1.3.19)
      ffi (~> 1.9.10)
      rspec-expectations (>= 2.99)
      thor (~> 0.19)
    ast (2.2.0)
    aws-sdk (2.3.8)
      aws-sdk-resources (= 2.3.8)
    aws-sdk-core (2.3.8)
      jmespath (~> 1.0)
    aws-sdk-resources (2.3.8)
      aws-sdk-core (= 2.3.8)
    builder (3.2.2)
    cf-uaa-lib (3.4.0)
      multi_json
    cf-uaac (3.2.0)
      cf-uaa-lib (~> 3.4.0)
      em-http-request (~> 1.1.2)
      eventmachine (~> 1.0.3)
      highline (~> 1.6.21)
      json_pure (~> 1.8.1)
      launchy (~> 2.4.2)
      rack (~> 1.5.2)
    childprocess (0.5.9)
      ffi (~> 1.0, >= 1.0.11)
    contracts (0.14.0)
    cookiejar (0.3.0)
    crack (0.4.3)
      safe_yaml (~> 1.0.0)
    cucumber (2.3.3)
      builder (>= 2.1.2)
      cucumber-core (~> 1.4.0)
      cucumber-wire (~> 0.0.1)
      diff-lcs (>= 1.1.3)
      gherkin (~> 3.2.0)
      multi_json (>= 1.7.5, < 2.0)
      multi_test (>= 0.1.2)
    cucumber-core (1.4.0)
      gherkin (~> 3.2.0)
    cucumber-wire (0.0.1)
    diff-lcs (1.2.5)
    em-http-request (1.1.3)
      addressable (>= 2.3.4)
      cookiejar (<= 0.3.0)
      em-socksify (>= 0.3)
      eventmachine (>= 1.0.3)
      http_parser.rb (>= 0.6.0)
    em-socksify (0.3.1)
      eventmachine (>= 1.0.0.beta.4)
    eventmachine (1.0.9.1)
    ffi (1.9.10)
    gherkin (3.2.0)
    gpgme (2.0.12)
      mini_portile2 (~> 2.1.0)
    hashdiff (0.3.0)
    highline (1.6.21)
    http_parser.rb (0.6.0)
    jmespath (1.2.4)
      json_pure (>= 1.8.1)
    json (1.8.3)
    json_pure (1.8.3)
    launchy (2.4.3)
      addressable (~> 2.3)
    mail (2.6.4)
      mime-types (>= 1.16, < 4)
    mime-types (3.1)
      mime-types-data (~> 3.2015)
    mime-types-data (3.2016.0521)
    mimic (0.4.3)
      json
      plist
      rack
      sinatra
    mini_portile2 (2.1.0)
    multi_json (1.12.1)
    multi_test (0.1.2)
    parser (2.3.1.0)
      ast (~> 2.2)
    plist (3.2.0)
    powerpack (0.1.1)
    rack (1.5.5)
    rack-protection (1.5.3)
      rack
    rainbow (2.1.0)
    rspec (3.4.0)
      rspec-core (~> 3.4.0)
      rspec-expectations (~> 3.4.0)
      rspec-mocks (~> 3.4.0)
    rspec-core (3.4.4)
      rspec-support (~> 3.4.0)
    rspec-expectations (3.4.0)
      diff-lcs (>= 1.2.0, < 2.0)
      rspec-support (~> 3.4.0)
    rspec-mocks (3.4.1)
      diff-lcs (>= 1.2.0, < 2.0)
      rspec-support (~> 3.4.0)
    rspec-support (3.4.1)
    rubocop (0.40.0)
      parser (>= 2.3.1.0, < 3.0)
      powerpack (~> 0.1)
      rainbow (>= 1.99.1, < 3.0)
      ruby-progressbar (~> 1.7)
      unicode-display_width (~> 1.0, >= 1.0.1)
    ruby-progressbar (1.8.1)
    safe_yaml (1.0.4)
    sinatra (1.4.7)
      rack (~> 1.5)
      rack-protection (~> 1.4)
      tilt (>= 1.3, < 3)
    thor (0.19.1)
    tilt (2.0.4)
    unicode-display_width (1.0.5)
    webmock (1.24.6)
      addressable (>= 2.3.6)
      crack (>= 0.3.2)
      hashdiff

PLATFORMS
  ruby

DEPENDENCIES
  aruba
  aws-sdk
  cf-uaac
  gpgme
  mail
  mimic
  rspec (~> 3.3)
  rubocop
  webmock (~> 1.24)

BUNDLED WITH
   1.10.6
